{
  "TaskName": "jacobsen",
  "InstitutionName": "University of Liverpool",
  "InstitutionAddress": "University of Liverpool, Bedford Street South, Liverpool, L69 7ZA",
  "InstitutionalDepartmentName": "Psychology",
  "Manufacturer": "BioSemi",
  "ManufacturersModelName": "ActiveTwo",
  "EEGReference": "CMS",
  "SamplingFrequency": 128,
  "PowerLineFrequency": 50,
  "SoftwareFilters": "n/a",
  "CapManufacturer": "EasyCap",
  "CapManufacturersModelName": "actiCAP 64 Ch Standard-2",
  "EEGChannelCount": 64,
  "ECGChannelCount": 0,
  "EMGChannelCount": 0,
  "EOGChannelCount": 0,
  "HardwareFilters": "n/a",
  "RecordingType": "epoched",
  "EpochLength": 2,
  "RecordingDuration": 2
}