{
  "TaskName": "jacobsen",
  "InstitutionName": "University of Liverpool",
  "InstitutionAddress": "University of Liverpool, Bedford Street South, Liverpool, L69 7ZA",
  "InstitutionalDepartmentName": "Psychology",
  "Manufacturer": "BIOSEMI",
  "ManufacturersModelName": "ActiveTwo",
  "EEGReference": "CMS/DRL",
  "SamplingFrequency": 512,
  "PowerLineFrequency": 50,
  "SoftwareFilters": "n/a",
  "CapManufacturer": "EasyCap",
  "CapManufacturersModelName": "actiCAP 64 Ch Standard-2",
  "EEGChannelCount": 64,
  "ECGChannelCount": 0,
  "EMGChannelCount": 0,
  "EOGChannelCount": 8,
  "HardwareFilters": "n/a",
  "RecordingType": "continuous",
  "RecordingDuration": 945
}